GEM
  remote: https://rubygems.org/
  specs:
    jenkins-plugin-runtime (0.2.3)
      json
      slop (~> 3.0.2)
    json (1.8.3)
    slop (3.0.4)

PLATFORMS
  ruby

DEPENDENCIES
  jenkins-plugin-runtime

BUNDLED WITH
   1.11.2
